GEM
  remote: https://rubygems.org/
  specs:
    bourbon (3.1.1)
      sass (>= 3.2.0)
      thor
    childprocess (0.3.9)
      ffi (~> 1.0, >= 1.0.11)
    diff-lcs (1.2.1)
    ffi (1.4.0)
    haml (4.0.0)
      tilt
    jasmine (1.3.1)
      jasmine-core (~> 1.3.1)
      rack (~> 1.0)
      rspec (>= 1.3.1)
      selenium-webdriver (>= 0.1.3)
    jasmine-core (1.3.1)
    kicker (2.6.1)
      listen
    listen (0.7.3)
    multi_json (1.6.1)
    rack (1.5.2)
    rb-fchange (0.0.6)
      ffi
    rb-fsevent (0.9.3)
    rb-inotify (0.9.0)
      ffi (>= 0.5.0)
    rspec (2.13.0)
      rspec-core (~> 2.13.0)
      rspec-expectations (~> 2.13.0)
      rspec-mocks (~> 2.13.0)
    rspec-core (2.13.0)
    rspec-expectations (2.13.0)
      diff-lcs (>= 1.1.3, < 2.0)
    rspec-mocks (2.13.0)
    rubyzip (0.9.9)
    sass (3.2.6)
    selenium-webdriver (2.31.0)
      childprocess (>= 0.2.5)
      multi_json (~> 1.0)
      rubyzip
      websocket (~> 1.0.4)
    thor (0.17.0)
    tilt (1.3.4)
    websocket (1.0.7)

PLATFORMS
  ruby

DEPENDENCIES
  bourbon
  haml
  jasmine
  kicker
  rb-fchange
  rb-fsevent
  rb-inotify
  sass
