GEM
  remote: https://rubygems.org/
  specs:
    bourbon (2.1.2)
      sass (>= 3.2)
      thor
    haml (3.1.7)
    sass (3.2.3)
    thor (0.16.0)

PLATFORMS
  ruby

DEPENDENCIES
  bourbon
  haml
  sass
